GEM
  remote: https://rubygems.org/
  specs:
    activemodel (5.1.1)
      activesupport (= 5.1.1)
    activerecord (5.1.1)
      activemodel (= 5.1.1)
      activesupport (= 5.1.1)
      arel (~> 8.0)
    activerecord-rack (1.0.0)
      activerecord (~> 5.0)
      rack
    activesupport (5.1.1)
      concurrent-ruby (~> 1.0, >= 1.0.2)
      i18n (~> 0.7)
      minitest (~> 5.1)
      tzinfo (~> 1.1)
    arel (8.0.0)
    bcrypt (3.1.11)
    coderay (1.1.1)
    concurrent-ruby (1.0.5)
    cuba (3.8.0)
      rack (>= 1.6.0)
    cuba-flash (1.0)
    ffi (1.9.25)
    i18n (0.8.6)
    i2c-devices (0.0.6)
    listen (3.1.5)
      rb-fsevent (~> 0.9, >= 0.9.4)
      rb-inotify (~> 0.9, >= 0.9.7)
      ruby_dep (~> 1.2)
    method_source (0.8.2)
    minitest (5.10.2)
    pry (0.10.4)
      coderay (~> 1.1.0)
      method_source (~> 0.8.1)
      slop (~> 3.4)
    puma (3.9.1)
    rack (2.0.3)
    rake (12.0.0)
    rb-fsevent (0.10.3)
    rb-inotify (0.9.10)
      ffi (>= 0.5.0, < 2)
    rpi_gpio (0.3.3)
    ruby_dep (1.5.0)
    slop (3.6.0)
    sqlite3 (1.3.13)
    thread_safe (0.3.6)
    tilt (2.0.7)
    tzinfo (1.2.3)
      thread_safe (~> 0.1)

PLATFORMS
  ruby

DEPENDENCIES
  activerecord
  activerecord-rack
  bcrypt (~> 3.1.7)
  cuba
  cuba-flash
  i2c-devices
  listen (~> 3.0)
  pry
  puma
  rake
  rpi_gpio
  sqlite3
  tilt

BUNDLED WITH
   1.16.1
