GEM
  remote: https://rubygems.org/
  specs:
    cuba (3.8.0)
      rack (>= 1.6.0)
    rack (2.0.3)
    tilt (2.0.7)

PLATFORMS
  ruby

DEPENDENCIES
  cuba
  tilt

BUNDLED WITH
   1.13.7
