GEM
  remote: https://rubygems.org/
  specs:
    activemodel (5.1.1)
      activesupport (= 5.1.1)
    activerecord (5.1.1)
      activemodel (= 5.1.1)
      activesupport (= 5.1.1)
      arel (~> 8.0)
    activesupport (5.1.1)
      concurrent-ruby (~> 1.0, >= 1.0.2)
      i18n (~> 0.7)
      minitest (~> 5.1)
      tzinfo (~> 1.1)
    arel (8.0.0)
    coderay (1.1.1)
    concurrent-ruby (1.0.5)
    cuba (3.8.0)
      rack (>= 1.6.0)
    cuba-flash (1.0)
    faker (1.8.4)
      i18n (~> 0.5)
    i18n (0.8.6)
    i2c-devices (0.0.6)
    method_source (0.8.2)
    minitest (5.10.2)
    pry (0.10.4)
      coderay (~> 1.1.0)
      method_source (~> 0.8.1)
      slop (~> 3.4)
    puma (3.9.1)
    rack (2.0.3)
    rake (12.0.0)
    rpi_gpio (0.3.3)
    slop (3.6.0)
    sqlite3 (1.3.13)
    thread_safe (0.3.6)
    tilt (2.0.7)
    tzinfo (1.2.3)
      thread_safe (~> 0.1)

PLATFORMS
  ruby

DEPENDENCIES
  activerecord
  cuba
  cuba-flash
  faker
  i2c-devices
  pry
  puma
  rake
  rpi_gpio
  sqlite3
  tilt

BUNDLED WITH
   1.13.7
